GEM
  remote: http://rubygems.org/
  specs:
    rack (1.6.1)
    rack-protection (1.5.3)
      rack
    rmagick (2.15.2)
    rtesseract (1.2.6)
    sinatra (1.4.6)
      rack (~> 1.4)
      rack-protection (~> 1.4)
      tilt (>= 1.3, < 3)
    tilt (2.0.1)

PLATFORMS
  ruby

DEPENDENCIES
  rmagick
  rtesseract
  sinatra

BUNDLED WITH
   1.10.3
